GEM
  remote: http://rubygems.org/
  specs:
    albino (1.3.3)
      posix-spawn (>= 0.3.6)
    classifier (1.3.3)
      fast-stemmer (>= 1.0.0)
    cmdparse (2.0.3)
    directory_watcher (1.4.1)
    fast-stemmer (1.0.0)
    jekyll (0.11.0)
      albino (>= 1.3.2)
      classifier (>= 1.3.1)
      directory_watcher (>= 1.1.1)
      kramdown (>= 0.13.2)
      liquid (>= 1.9.0)
      maruku (>= 0.5.9)
    juicer (1.0.13)
      cmdparse
      nokogiri (>= 1.5.0)
      rubyzip
    kramdown (0.13.3)
    less (2.0.7)
      therubyracer (~> 0.9.2)
    libv8 (3.3.10.2)
    liquid (2.2.2)
    maruku (0.6.0)
      syntax (>= 1.0.0)
    nokogiri (1.5.0)
    posix-spawn (0.3.6)
    rubyzip (0.9.4)
    syntax (1.0.0)
    therubyracer (0.9.4)
      libv8 (~> 3.3.10)

PLATFORMS
  ruby

DEPENDENCIES
  jekyll
  juicer
  less
