GEM
  remote: http://rubygems.org/
  specs:
    albino (1.3.3)
      posix-spawn (>= 0.3.6)
    classifier (1.3.3)
      fast-stemmer (>= 1.0.0)
    cmdparse (2.0.5)
    commonjs (0.2.6)
    directory_watcher (1.4.1)
    fast-stemmer (1.0.1)
    jekyll (0.11.2)
      albino (~> 1.3)
      classifier (~> 1.3)
      directory_watcher (~> 1.1)
      kramdown (~> 0.13)
      liquid (~> 2.3)
      maruku (~> 0.5)
    jekyll-categories (0.0.1)
      jekyll (>= 0.10.0)
    juicer (1.0.16)
      cmdparse
      nokogiri (>= 1.5.0)
      rubyzip
    kramdown (0.13.7)
    less (2.2.1)
      commonjs (~> 0.2.6)
    libv8 (3.3.10.4)
    liquid (2.4.1)
    maruku (0.6.0)
      syntax (>= 1.0.0)
    nokogiri (1.5.5)
    posix-spawn (0.3.6)
    redcarpet (2.1.1)
    rubyzip (0.9.9)
    syntax (1.0.0)
    therubyracer (0.10.2)
      libv8 (~> 3.3.10)

PLATFORMS
  ruby

DEPENDENCIES
  jekyll
  jekyll-categories
  juicer
  less
  redcarpet
  therubyracer
